PATH
  remote: .
  specs:
    cachetastic (3.5.0)
      activesupport
      configatron

GEM
  remote: https://rubygems.org/
  specs:
    activesupport (3.2.11)
      i18n (~> 0.6)
      multi_json (~> 1.0)
    configatron (2.9.1)
      yamler (>= 0.1.0)
    diff-lcs (1.1.3)
    i18n (0.6.1)
    memcache-client (1.8.5)
    multi_json (1.5.0)
    rake (10.0.3)
    redis (3.0.2)
    rspec (2.12.0)
      rspec-core (~> 2.12.0)
      rspec-expectations (~> 2.12.0)
      rspec-mocks (~> 2.12.0)
    rspec-core (2.12.2)
    rspec-expectations (2.12.1)
      diff-lcs (~> 1.1.3)
    rspec-mocks (2.12.1)
    timecop (0.5.7)
    yamler (0.1.0)

PLATFORMS
  ruby

DEPENDENCIES
  cachetastic!
  memcache-client
  rake
  redis
  rspec
  timecop
